GEM
  remote: https://rubygems.org/
  specs:
    mysql2 (0.4.1)
    sqlite3 (1.3.11)

PLATFORMS
  ruby

DEPENDENCIES
  mysql2
  sqlite3 (~> 1.3.7)
