GEM
  remote: https://rubygems.org/
  specs:
    mini_portile (0.6.2)
    mysql2 (0.4.1)
    nokogiri (1.6.6.2)
      mini_portile (~> 0.6.0)
    sqlite3 (1.3.11)

PLATFORMS
  ruby

DEPENDENCIES
  mysql2
  nokogiri
  sqlite3 (~> 1.3.7)

BUNDLED WITH
   1.10.6
